GEM
  remote: https://rubygems.org/
  specs:
    babel-source (5.8.35)
    babel-transpiler (0.7.0)
      babel-source (>= 4.0, < 6)
      execjs (~> 2.0)
    blankslate (2.1.2.4)
    celluloid (0.16.0)
      timers (~> 4.0.0)
    classifier (1.3.4)
      fast-stemmer (>= 1.0.0)
    coffee-script (2.4.1)
      coffee-script-source
      execjs
    coffee-script-source (1.10.0)
    colorator (0.1)
    execjs (2.7.0)
    fast-stemmer (1.0.2)
    ffi (1.12.2)
    hitimes (1.2.4)
    jekyll (2.0.3)
      classifier (~> 1.3)
      colorator (~> 0.1)
      jekyll-coffeescript (~> 1.0)
      jekyll-sass-converter (~> 1.0)
      kramdown (~> 1.3)
      liquid (~> 2.5.5)
      listen (~> 2.5)
      mercenary (~> 0.3.3)
      pygments.rb (~> 0.5.0)
      redcarpet (~> 3.1)
      safe_yaml (~> 1.0)
      toml (~> 0.1.0)
    jekyll-coffeescript (1.0.1)
      coffee-script (~> 2.2)
    jekyll-sass-converter (1.4.0)
      sass (~> 3.4)
    kramdown (1.12.0)
    liquid (2.5.5)
    listen (2.10.1)
      celluloid (~> 0.16.0)
      rb-fsevent (>= 0.9.3)
      rb-inotify (>= 0.9)
    mercenary (0.3.6)
    parslet (1.5.0)
      blankslate (~> 2.0)
    posix-spawn (0.3.12)
    pygments.rb (0.5.4)
      posix-spawn (~> 0.3.6)
      yajl-ruby (~> 1.1.0)
    rb-fsevent (0.9.8)
    rb-inotify (0.9.7)
      ffi (>= 0.5.0)
    redcarpet (3.3.4)
    rubypants (0.6.0)
    safe_yaml (1.0.4)
    sass (3.4.22)
    timers (4.0.4)
      hitimes
    toml (0.1.2)
      parslet (~> 1.5.0)
    typogruby (1.0.18)
      rubypants
    yajl-ruby (1.1.0)

PLATFORMS
  ruby

DEPENDENCIES
  babel-transpiler
  jekyll (~> 2.0.3)
  safe_yaml
  typogruby

BUNDLED WITH
   1.13.5
